GEM
  remote: http://rubygems.org/
  specs:
    activesupport (3.2.9)
      i18n (~> 0.6)
      multi_json (~> 1.0)
    bourne (1.1.2)
      mocha (= 0.10.5)
    diff-lcs (1.1.3)
    git (1.2.5)
    hashie (1.2.0)
    httparty (0.9.0)
      multi_json (~> 1.0)
      multi_xml
    i18n (0.6.1)
    jeweler (1.6.4)
      bundler (~> 1.0)
      git (>= 1.2.5)
      rake
    json (1.7.5)
    metaclass (0.0.1)
    mocha (0.10.5)
      metaclass (~> 0.0.1)
    multi_json (1.4.0)
    multi_xml (0.5.1)
    rake (10.0.2)
    rspec (2.12.0)
      rspec-core (~> 2.12.0)
      rspec-expectations (~> 2.12.0)
      rspec-mocks (~> 2.12.0)
    rspec-core (2.12.1)
    rspec-expectations (2.12.0)
      diff-lcs (~> 1.1.3)
    rspec-mocks (2.12.0)
    shoulda (3.3.2)
      shoulda-context (~> 1.0.1)
      shoulda-matchers (~> 1.4.1)
    shoulda-context (1.0.1)
    shoulda-matchers (1.4.2)
      activesupport (>= 3.0.0)
      bourne (~> 1.1.2)
    test-unit (2.5.3)

PLATFORMS
  ruby

DEPENDENCIES
  bundler
  hashie (~> 1.1)
  httparty
  jeweler (~> 1.6.4)
  json
  rspec
  shoulda
  test-unit
